GEM
  remote: https://rubygems.org/
  specs:
    activesupport (4.1.6)
      i18n (~> 0.6, >= 0.6.9)
      json (~> 1.7, >= 1.7.7)
      minitest (~> 5.1)
      thread_safe (~> 0.1)
      tzinfo (~> 1.1)
    cache (0.4.0)
    i18n (0.6.11)
    json (1.8.1)
    json_select (0.1.4)
      treetop
    json_store (0.1.5)
      json_select
      lock_method
      oj
    lock_method (0.5.5)
      activesupport
      cache (>= 0.2.1)
    minitest (5.4.1)
    oj (2.10.2)
    polyglot (0.3.5)
    rack (1.5.2)
    rack-protection (1.5.3)
      rack
    sinatra (1.4.5)
      rack (~> 1.4)
      rack-protection (~> 1.4)
      tilt (~> 1.3, >= 1.3.4)
    thread_safe (0.3.4)
    tilt (1.4.1)
    totally_lazy (0.0.4)
    treetop (1.5.3)
      polyglot (~> 0.3)
    tzinfo (1.2.2)
      thread_safe (~> 0.1)

PLATFORMS
  ruby

DEPENDENCIES
  json_store
  sinatra
  totally_lazy
